GEM
  remote: https://rubygems.org/
  specs:
    ast (2.4.2)
    coderay (1.1.3)
    io-console (0.7.2)
    json (2.7.2)
    language_server-protocol (3.17.0.3)
    method_source (1.1.0)
    parallel (1.26.3)
    parser (3.3.5.0)
      ast (~> 2.4.1)
      racc
    parslet (2.0.0)
    pry (0.14.2)
      coderay (~> 1.1)
      method_source (~> 1.0)
    racc (1.8.1)
    rainbow (3.1.1)
    readline (0.0.4)
      reline
    regexp_parser (2.9.2)
    reline (0.5.10)
      io-console (~> 0.5)
    rubocop (1.67.0)
      json (~> 2.3)
      language_server-protocol (>= 3.17.0)
      parallel (~> 1.10)
      parser (>= 3.3.0.2)
      rainbow (>= 2.2.2, < 4.0)
      regexp_parser (>= 2.4, < 3.0)
      rubocop-ast (>= 1.32.2, < 2.0)
      ruby-progressbar (~> 1.7)
      unicode-display_width (>= 2.4.0, < 3.0)
    rubocop-ast (1.32.3)
      parser (>= 3.3.1.0)
    ruby-progressbar (1.13.0)
    thor (1.3.2)
    unicode-display_width (2.6.0)

PLATFORMS
  arm64-darwin-22

DEPENDENCIES
  parslet
  pry
  readline
  rubocop
  thor

BUNDLED WITH
   2.2.33
